PATH
  remote: .
  specs:
    bell (0.0.1)
      embratel (= 1.1.2)
      sequel (= 3.23.0)
      sqlite3-ruby (= 1.3.3)

GEM
  remote: http://rubygems.org/
  specs:
    builder (3.0.0)
    cucumber (0.10.2)
      builder (>= 2.1.2)
      diff-lcs (>= 1.1.2)
      gherkin (>= 2.3.5)
      json (>= 1.4.6)
      term-ansicolor (>= 1.0.5)
    diff-lcs (1.1.2)
    embratel (1.1.2)
    gherkin (2.3.7)
      json (>= 1.4.6)
    json (1.5.1)
    rake (0.8.7)
    rspec (2.5.0)
      rspec-core (~> 2.5.0)
      rspec-expectations (~> 2.5.0)
      rspec-mocks (~> 2.5.0)
    rspec-core (2.5.1)
    rspec-expectations (2.5.0)
      diff-lcs (~> 1.1.2)
    rspec-mocks (2.5.0)
    sequel (3.23.0)
    sqlite3 (1.3.3)
    sqlite3-ruby (1.3.3)
      sqlite3 (>= 1.3.3)
    term-ansicolor (1.0.5)

PLATFORMS
  ruby

DEPENDENCIES
  bell!
  bundler (>= 1.0.0)
  cucumber (= 0.10.2)
  rake (= 0.8.7)
  rspec (= 2.5.0)
