PATH
  remote: .
  specs:
    bell (0.1.0)
      embratel (= 1.1.2)
      sequel (= 3.27.0)
      sqlite3 (= 1.3.4)

GEM
  remote: http://rubygems.org/
  specs:
    builder (3.0.0)
    cucumber (1.1.0)
      builder (>= 2.1.2)
      diff-lcs (>= 1.1.2)
      gherkin (~> 2.5.0)
      json (>= 1.4.6)
      term-ansicolor (>= 1.0.6)
    diff-lcs (1.1.3)
    embratel (1.1.2)
    gherkin (2.5.1)
      json (>= 1.4.6)
    json (1.6.1)
    rake (0.9.2)
    rspec (2.6.0)
      rspec-core (~> 2.6.0)
      rspec-expectations (~> 2.6.0)
      rspec-mocks (~> 2.6.0)
    rspec-core (2.6.4)
    rspec-expectations (2.6.0)
      diff-lcs (~> 1.1.2)
    rspec-mocks (2.6.0)
    sequel (3.27.0)
    sqlite3 (1.3.4)
    term-ansicolor (1.0.6)

PLATFORMS
  ruby

DEPENDENCIES
  bell!
  cucumber (= 1.1.0)
  rake (= 0.9.2)
  rspec (= 2.6.0)
