GEM
  remote: http://rubygems.org/
  specs:
    builder (2.1.2)
    cucumber (0.9.3)
      builder (~> 2.1.2)
      diff-lcs (~> 1.1.2)
      gherkin (~> 2.2.9)
      json (~> 1.4.6)
      term-ansicolor (~> 1.0.5)
    diff-lcs (1.1.2)
    embratel (1.1.1)
    gherkin (2.2.9)
      json (~> 1.4.6)
      term-ansicolor (~> 1.0.5)
    json (1.4.6)
    rake (0.8.7)
    rspec (1.3.1)
    sequel (3.14.0)
    sqlite3-ruby (1.3.1)
    term-ansicolor (1.0.5)

PLATFORMS
  ruby

DEPENDENCIES
  cucumber (= 0.9.3)
  embratel (= 1.1.1)
  rake (= 0.8.7)
  rspec (= 1.3.1)
  sequel (= 3.14.0)
  sqlite3-ruby (= 1.3.1)
