GEM
  remote: http://rubygems.org/
  specs:
    builder (2.1.2)
    cucumber (0.8.5)
      builder (~> 2.1.2)
      diff-lcs (~> 1.1.2)
      gherkin (~> 2.1.4)
      json_pure (~> 1.4.3)
      term-ansicolor (~> 1.0.4)
    diff-lcs (1.1.2)
    embratel (0.0.1)
      fastercsv (= 1.5.3)
    fastercsv (1.5.3)
    gherkin (2.1.5)
      trollop (~> 1.16.2)
    json_pure (1.4.6)
    rake (0.8.7)
    rspec (1.3.0)
    sequel (3.14.0)
    sqlite3-ruby (1.3.1)
    term-ansicolor (1.0.5)
    trollop (1.16.2)

PLATFORMS
  ruby

DEPENDENCIES
  bundler (= 1.0.0)
  cucumber (= 0.8.5)
  embratel (= 0.0.1)
  rake (= 0.8.7)
  rspec (= 1.3.0)
  sequel (= 3.14.0)
  sqlite3-ruby (= 1.3.1)
